GEM
  remote: https://rubygems.org/
  specs:
    ast (2.4.0)
    parser (2.7.1.1)
      ast (~> 2.4.0)

PLATFORMS
  ruby

DEPENDENCIES
  parser

BUNDLED WITH
   2.1.2
